GEM
  remote: https://rubygems.org/
  specs:
    thread (0.2.2)

PLATFORMS
  x64-mingw32

DEPENDENCIES
  thread

BUNDLED WITH
   1.10.6
